GEM
  remote: https://rubygems.org/
  specs:
    backports (3.6.6)
    nmatrix (0.2.0)
      packable (~> 1.3, >= 1.3.5)
    nmatrix-atlas (0.2.0)
      nmatrix (= 0.2.0)
    nmatrix-lapacke (0.2.0)
      nmatrix (= 0.2.0)
    packable (1.3.6)
      backports
    rack (1.6.4)
    rack-protection (1.5.3)
      rack
    sinatra (1.4.6)
      rack (~> 1.4)
      rack-protection (~> 1.4)
      tilt (>= 1.3, < 3)
    tilt (2.0.1)

PLATFORMS
  ruby

DEPENDENCIES
  nmatrix
  nmatrix-atlas
  nmatrix-lapacke
  sinatra
